{
	"TaskName": "study-1",
	"TaskName": "study-1",
	"Modality": "MR",
	"MagneticFieldStrength": 3,
	"ImagingFrequency": 123.213,
	"Manufacturer": "Siemens",
	"ManufacturersModelName": "Prisma_fit",
	"InstitutionName": "UCSB Brain Imaging Center",
	"InstitutionalDepartmentName": "Psych Department",
	"InstitutionAddress": "UCEN Rd 551   Bldg 251,Isla Vista,Los Angeles,US,93117",
	"DeviceSerialNumber": "67022",
	"StationName": "MRC35273",
	"BodyPartExamined": "HEAD",
	"PatientPosition": "HFS",
	"ProcedureStepDescription": "Miller^Layhler",
	"SoftwareVersions": "syngo MR D13D",
	"MRAcquisitionType": "2D",
	"SeriesDescription": "cmrr_epi_mb_R012c_study",
	"ProtocolName": "cmrr_epi_mb_R012c_study",
	"ScanningSequence": "EP",
	"SequenceVariant": "SK\\SS",
	"ScanOptions": "PFP\\FS",
	"SequenceName": "epfid2d1_104",
	"ImageType": ["ORIGINAL", "PRIMARY", "M", "MB", "ND", "MOSAIC"],
	"SeriesNumber": 5,
	"AcquisitionTime": "17:16:22.622500",
	"AcquisitionNumber": 1,
	"ImageComments": "Unaliased MB8/PE3",
	"SliceThickness": 2,
	"SpacingBetweenSlices": 2,
	"SAR": 0.138844,
	"EchoTime": 0.037,
	"RepetitionTime": 0.72,
	"FlipAngle": 52,
	"PartialFourier": 0.875,
	"BaseResolution": 104,
	"ShimSetting": [
		-4141,
		1370,
		-5857,
		325,
		-57,
		4,
		-17,
		12	],
	"TxRefAmp": 217.3,
	"PhaseResolution": 1,
	"ReceiveCoilName": "HeadNeck_64",
	"ReceiveCoilActiveElements": "HC1-7",
	"PulseSequenceDetails": "%CustomerSeq%\\cmrr_mbep2d_bold",
	"WipMemBlock": "0495c3de-1afd-46f3-b581-457b68927013||Sequence: vd13d/R012 r/47f032b; Oct 13 2015 18:28:20 by eja",
	"CoilCombinationMethod": "Sum of Squares",
	"ConsistencyInfo": "N4_VD13D_LATEST_20130810",
	"MatrixCoilMode": "SENSE",
	"MultibandAccelerationFactor": 8,
	"PercentPhaseFOV": 100,
	"PercentSampling": 100,
	"EchoTrainLength": 91,
	"PhaseEncodingSteps": 91,
	"AcquisitionMatrixPE": 104,
	"ReconMatrixPE": 104,
	"BandwidthPerPixelPhaseEncode": 16.578,
	"EffectiveEchoSpacing": 0.000580009,
	"DerivedVendorReportedEchoSpacing": 0.000580009,
	"TotalReadoutTime": 0.0597409,
	"PixelBandwidth": 2290,
	"DwellTime": 2.1e-06,
	"PhaseEncodingDirection": "j",
	"SliceTiming": [
		0,
		0.39,
		0.0775,
		0.4675,
		0.155,
		0.545,
		0.235,
		0.6225,
		0.3125,
		0,
		0.39,
		0.0775,
		0.4675,
		0.155,
		0.545,
		0.235,
		0.6225,
		0.3125,
		0,
		0.39,
		0.0775,
		0.4675,
		0.155,
		0.545,
		0.235,
		0.6225,
		0.3125,
		0,
		0.39,
		0.0775,
		0.4675,
		0.155,
		0.545,
		0.235,
		0.6225,
		0.3125,
		0,
		0.39,
		0.0775,
		0.4675,
		0.155,
		0.545,
		0.235,
		0.6225,
		0.3125,
		0,
		0.39,
		0.0775,
		0.4675,
		0.155,
		0.545,
		0.235,
		0.6225,
		0.3125,
		0,
		0.39,
		0.0775,
		0.4675,
		0.155,
		0.545,
		0.235,
		0.6225,
		0.3125,
		0,
		0.39,
		0.0775,
		0.4675,
		0.155,
		0.545,
		0.235,
		0.6225,
		0.3125	],
	"ImageOrientationPatientDICOM": [
		1,
		0,
		0,
		0,
		0.965473,
		-0.260505	],
	"ImageOrientationText": "Tra>Cor(-15.1)",
	"InPlanePhaseEncodingDirectionDICOM": "COL",
	"ConversionSoftware": "dcm2niix",
	"ConversionSoftwareVersion": "v1.0.20211006"
}
