{
	"Modality": "MR",
	"MagneticFieldStrength": 3,
	"ImagingFrequency": 123.21,
	"Manufacturer": "Siemens",
	"ManufacturersModelName": "Prisma_fit",
	"InstitutionName": "UCSB Brain Imaging Center",
	"InstitutionalDepartmentName": "Psych Department",
	"InstitutionAddress": "UCEN Rd 551   Bldg 251,Isla Vista,Los Angeles,US,93117",
	"DeviceSerialNumber": "67022",
	"StationName": "MRC35273",
	"BodyPartExamined": "HEAD",
	"PatientPosition": "HFS",
	"ProcedureStepDescription": "Eckstein^Layher",
	"SoftwareVersions": "syngo MR D13D",
	"MRAcquisitionType": "2D",
	"SeriesDescription": "gre_field_mapping_2mm",
	"ProtocolName": "gre_field_mapping_2mm",
	"ScanningSequence": "GR",
	"SequenceVariant": "SP",
	"SequenceName": "*fm2d2r",
	"ImageType": ["ORIGINAL", "PRIMARY", "M", "ND"],
	"SeriesNumber": 3,
	"AcquisitionTime": "13:47:36.030000",
	"AcquisitionNumber": 1,
	"SliceThickness": 2,
	"SpacingBetweenSlices": 2,
	"SAR": 0.121772,
	"EchoNumber": 2,
	"EchoTime": 0.00738,
	"RepetitionTime": 0.758,
	"FlipAngle": 60,
	"PartialFourier": 1,
	"BaseResolution": 104,
	"ShimSetting": [
		-4141,
		1401,
		-5861,
		280,
		-1,
		-28,
		-128,
		53	],
	"TxRefAmp": 226.884,
	"PhaseResolution": 1,
	"ReceiveCoilName": "HeadNeck_64",
	"ReceiveCoilActiveElements": "HC1-7",
	"PulseSequenceDetails": "%SiemensSeq%\\gre_field_mapping",
	"CoilCombinationMethod": "Sum of Squares",
	"ConsistencyInfo": "N4_VD13D_LATEST_20130810",
	"MatrixCoilMode": "SENSE",
	"PercentPhaseFOV": 100,
	"PercentSampling": 100,
	"PhaseEncodingSteps": 104,
	"AcquisitionMatrixPE": 104,
	"ReconMatrixPE": 104,
	"PixelBandwidth": 600,
	"DwellTime": 8e-06,
	"PhaseEncodingDirection": "j-",
	"SliceTiming": [
		0.375,
		0,
		0.39062,
		0,
		0.39062,
		0.01562,
		0.40625,
		0.03125,
		0.42188,
		0.03125,
		0.42188,
		0.04688,
		0.4375,
		0.0625,
		0.45312,
		0.0625,
		0.45312,
		0.07812,
		0.46875,
		0.09375,
		0.48438,
		0.09375,
		0.48438,
		0.10938,
		0.5,
		0.125,
		0.51562,
		0.125,
		0.51562,
		0.14062,
		0.53125,
		0.15625,
		0.54688,
		0.15625,
		0.54688,
		0.17188,
		0.5625,
		0.1875,
		0.57812,
		0.1875,
		0.57812,
		0.20312,
		0.59375,
		0.21875,
		0.60938,
		0.21875,
		0.60938,
		0.23438,
		0.625,
		0.25,
		0.64062,
		0.26562,
		0.64062,
		0.26562,
		0.65625,
		0.28125,
		0.67188,
		0.28125,
		0.67188,
		0.29688,
		0.6875,
		0.3125,
		0.70312,
		0.32812,
		0.71875,
		0.32812,
		0.71875,
		0.34375,
		0.73438,
		0.34375,
		0.73438,
		0.35938	],
	"ImageOrientationPatientDICOM": [
		1,
		0,
		0,
		0,
		0.973179,
		-0.23005	],
	"ImageOrientationText": "Tra>Cor(-13.3)",
	"InPlanePhaseEncodingDirectionDICOM": "COL",
	"ConversionSoftware": "dcm2niix",
	"ConversionSoftwareVersion": "v1.0.20211006"
}
