{
	"Modality": "MR",
	"MagneticFieldStrength": 3,
	"ImagingFrequency": 123.21,
	"Manufacturer": "Siemens",
	"ManufacturersModelName": "Prisma_fit",
	"InstitutionName": "UCSB Brain Imaging Center",
	"InstitutionalDepartmentName": "Psych Department",
	"InstitutionAddress": "UCEN Rd 551   Bldg 251,Isla Vista,Los Angeles,US,93117",
	"DeviceSerialNumber": "67022",
	"StationName": "MRC35273",
	"BodyPartExamined": "HEAD",
	"PatientPosition": "HFS",
	"ProcedureStepDescription": "Eckstein^Layher",
	"SoftwareVersions": "syngo MR D13D",
	"MRAcquisitionType": "2D",
	"SeriesDescription": "gre_field_mapping_2mm",
	"ProtocolName": "gre_field_mapping_2mm",
	"ScanningSequence": "GR",
	"SequenceVariant": "SP",
	"SequenceName": "*fm2d2r",
	"ImageType": ["ORIGINAL", "PRIMARY", "P", "ND", "PHASE"],
	"SeriesNumber": 4,
	"AcquisitionTime": "13:47:36.030000",
	"AcquisitionNumber": 1,
	"SliceThickness": 2,
	"SpacingBetweenSlices": 2,
	"SAR": 0.121772,
	"EchoNumber": 2,
	"EchoTime": 0.00738,
	"RepetitionTime": 0.758,
	"FlipAngle": 60,
	"EchoTime1": 0.00492,
	"EchoTime2": 0.00738,
	"PartialFourier": 1,
	"BaseResolution": 104,
	"ShimSetting": [
		-4141,
		1401,
		-5861,
		280,
		-1,
		-28,
		-128,
		53	],
	"TxRefAmp": 226.884,
	"PhaseResolution": 1,
	"ReceiveCoilName": "HeadNeck_64",
	"ReceiveCoilActiveElements": "HC1-7",
	"PulseSequenceDetails": "%SiemensSeq%\\gre_field_mapping",
	"CoilCombinationMethod": "Sum of Squares",
	"ConsistencyInfo": "N4_VD13D_LATEST_20130810",
	"MatrixCoilMode": "SENSE",
	"PercentPhaseFOV": 100,
	"PercentSampling": 100,
	"PhaseEncodingSteps": 104,
	"AcquisitionMatrixPE": 104,
	"ReconMatrixPE": 104,
	"PixelBandwidth": 600,
	"DwellTime": 8e-06,
	"PhaseEncodingDirection": "j-",
	"ImageOrientationPatientDICOM": [
		1,
		0,
		0,
		0,
		0.973179,
		-0.23005	],
	"ImageOrientationText": "Tra>Cor(-13.3)",
	"InPlanePhaseEncodingDirectionDICOM": "COL",
	"ConversionSoftware": "dcm2niix",
	"ConversionSoftwareVersion": "v1.0.20211006"
}
