{
	"Modality": "MR",
	"MagneticFieldStrength": 3,
	"ImagingFrequency": 123.212,
	"Manufacturer": "Siemens",
	"ManufacturersModelName": "Prisma_fit",
	"InstitutionName": "UCSB Brain Imaging Center",
	"InstitutionalDepartmentName": "Psych Department",
	"InstitutionAddress": "UCEN Rd 551   Bldg 251,Isla Vista,Los Angeles,US,93117",
	"DeviceSerialNumber": "67022",
	"StationName": "MRC35273",
	"BodyPartExamined": "HEAD",
	"PatientPosition": "HFS",
	"ProcedureStepDescription": "Miller^Layher",
	"SoftwareVersions": "syngo MR D13D",
	"MRAcquisitionType": "3D",
	"SeriesDescription": "t1_mprage_0.9mm",
	"ProtocolName": "t1_mprage_0.9mm",
	"ScanningSequence": "GR\\IR",
	"SequenceVariant": "SK\\SP\\MP\\OSP",
	"ScanOptions": "IR\\WE",
	"SequenceName": "*tfl3d1_16ns",
	"ImageType": ["ORIGINAL", "PRIMARY", "M", "ND", "NORM"],
	"SeriesNumber": 16,
	"AcquisitionTime": "18:49:55.545000",
	"AcquisitionNumber": 1,
	"SliceThickness": 0.94,
	"SAR": 0.0297722,
	"EchoTime": 0.00222,
	"RepetitionTime": 2.5,
	"SpoilingState": true,
	"InversionTime": 0.851,
	"FlipAngle": 7,
	"PartialFourier": 1,
	"BaseResolution": 256,
	"ShimSetting": [
		-4127,
		1380,
		-5892,
		231,
		25,
		-258,
		19,
		-7	],
	"TxRefAmp": 218.055,
	"PhaseResolution": 1,
	"PhaseOversampling": 0.1,
	"ReceiveCoilName": "HeadNeck_64",
	"ReceiveCoilActiveElements": "HC1-7;NC1",
	"PulseSequenceDetails": "%SiemensSeq%\\tfl",
	"RefLinesPE": 24,
	"CoilCombinationMethod": "Adaptive Combine",
	"ConsistencyInfo": "N4_VD13D_LATEST_20130810",
	"MatrixCoilMode": "GRAPPA",
	"PercentPhaseFOV": 100,
	"PercentSampling": 100,
	"PhaseEncodingSteps": 282,
	"AcquisitionMatrixPE": 256,
	"ReconMatrixPE": 256,
	"ParallelReductionFactorInPlane": 2,
	"PixelBandwidth": 210,
	"DwellTime": 9.3e-06,
	"ImageOrientationPatientDICOM": [
		-0.0558284,
		0.99844,
		1.68612e-08,
		0.0156584,
		0.000875564,
		-0.999877	],
	"ImageOrientationText": "Sag>Cor(-3.2)>Tra(-0.9)",
	"InPlanePhaseEncodingDirectionDICOM": "ROW",
	"ConversionSoftware": "dcm2niix",
	"ConversionSoftwareVersion": "v1.0.20211006"
}
