{
	"Modality": "MR",
	"MagneticFieldStrength": 3,
	"ImagingFrequency": 123.208,
	"Manufacturer": "Siemens",
	"ManufacturersModelName": "Prisma_fit",
	"InstitutionName": "UCSB Brain Imaging Center",
	"InstitutionalDepartmentName": "Psych Department",
	"InstitutionAddress": "UCEN Rd 551   Bldg 251,Isla Vista,Los Angeles,US,93117",
	"DeviceSerialNumber": "67022",
	"StationName": "MRC35273",
	"BodyPartExamined": "HEAD",
	"PatientPosition": "HFS",
	"ProcedureStepDescription": "Eckstein^Layher",
	"SoftwareVersions": "syngo MR D13D",
	"MRAcquisitionType": "2D",
	"SeriesDescription": "gre_field_mapping_2mm",
	"ProtocolName": "gre_field_mapping_2mm",
	"ScanningSequence": "GR",
	"SequenceVariant": "SP",
	"SequenceName": "*fm2d2r",
	"ImageType": ["ORIGINAL", "PRIMARY", "M", "ND"],
	"SeriesNumber": 4,
	"AcquisitionTime": "10:26:0.277500",
	"AcquisitionNumber": 1,
	"SliceThickness": 2,
	"SpacingBetweenSlices": 2,
	"SAR": 0.0924787,
	"EchoNumber": 1,
	"EchoTime": 0.00492,
	"RepetitionTime": 0.758,
	"FlipAngle": 60,
	"PartialFourier": 1,
	"BaseResolution": 104,
	"ShimSetting": [
		-4153,
		1330,
		-5846,
		349,
		7,
		-258,
		-67,
		48	],
	"TxRefAmp": 209.246,
	"PhaseResolution": 1,
	"ReceiveCoilName": "HeadNeck_64",
	"ReceiveCoilActiveElements": "HC1-7",
	"PulseSequenceDetails": "%SiemensSeq%\\gre_field_mapping",
	"CoilCombinationMethod": "Sum of Squares",
	"ConsistencyInfo": "N4_VD13D_LATEST_20130810",
	"MatrixCoilMode": "SENSE",
	"PercentPhaseFOV": 100,
	"PercentSampling": 100,
	"PhaseEncodingSteps": 104,
	"AcquisitionMatrixPE": 104,
	"ReconMatrixPE": 104,
	"PixelBandwidth": 600,
	"DwellTime": 8e-06,
	"PhaseEncodingDirection": "j-",
	"SliceTiming": [
		0.38281,
		0,
		0.39062,
		0.00781,
		0.39844,
		0.02344,
		0.40625,
		0.03125,
		0.42188,
		0.03906,
		0.42969,
		0.05469,
		0.44531,
		0.0625,
		0.45312,
		0.07031,
		0.46094,
		0.08594,
		0.47656,
		0.09375,
		0.48438,
		0.10156,
		0.49219,
		0.11719,
		0.50781,
		0.125,
		0.51562,
		0.13281,
		0.52344,
		0.14844,
		0.53906,
		0.15625,
		0.54688,
		0.17188,
		0.55469,
		0.17969,
		0.57031,
		0.1875,
		0.57812,
		0.19531,
		0.58594,
		0.21094,
		0.60156,
		0.21875,
		0.60938,
		0.23438,
		0.625,
		0.24219,
		0.63281,
		0.25,
		0.64062,
		0.26562,
		0.64844,
		0.27344,
		0.66406,
		0.28125,
		0.67188,
		0.29688,
		0.6875,
		0.30469,
		0.69531,
		0.32031,
		0.70312,
		0.32812,
		0.71094,
		0.33594,
		0.72656,
		0.34375,
		0.73438,
		0.35938,
		0.75,
		0.36719	],
	"ImageOrientationPatientDICOM": [
		1,
		0,
		0,
		0,
		0.973179,
		-0.23005	],
	"ImageOrientationText": "Tra>Cor(-13.3)",
	"InPlanePhaseEncodingDirectionDICOM": "COL",
	"ConversionSoftware": "dcm2niix",
	"ConversionSoftwareVersion": "v1.0.20211006"
}
