{
	"TaskName": "study-2",
	"Modality": "MR",
	"MagneticFieldStrength": 3,
	"ImagingFrequency": 123.211,
	"Manufacturer": "Siemens",
	"ManufacturersModelName": "Prisma_fit",
	"InstitutionName": "UCSB Brain Imaging Center",
	"InstitutionalDepartmentName": "Psych Department",
	"InstitutionAddress": "UCEN Rd 551   Bldg 251,Isla Vista,Los Angeles,US,93117",
	"DeviceSerialNumber": "67022",
	"StationName": "MRC35273",
	"BodyPartExamined": "HEAD",
	"PatientPosition": "HFS",
	"ProcedureStepDescription": "Miller^Layher",
	"SoftwareVersions": "syngo MR D13D",
	"MRAcquisitionType": "2D",
	"SeriesDescription": "cmrr_epi_mb_R013_study",
	"ProtocolName": "cmrr_epi_mb_R013_study",
	"ScanningSequence": "EP",
	"SequenceVariant": "SK\\SS",
	"ScanOptions": "PFP\\FS",
	"SequenceName": "epfid2d1_104",
	"ImageType": ["ORIGINAL", "PRIMARY", "M", "MB", "ND", "MOSAIC"],
	"SeriesNumber": 20,
	"AcquisitionTime": "14:16:34.527500",
	"AcquisitionNumber": 1,
	"ImageComments": "Unaliased MB8/PE3",
	"SliceThickness": 2,
	"SpacingBetweenSlices": 2,
	"SAR": 0.185714,
	"EchoTime": 0.037,
	"RepetitionTime": 0.72,
	"FlipAngle": 52,
	"PartialFourier": 0.875,
	"BaseResolution": 104,
	"ShimSetting": [
		-4146,
		1350,
		-5801,
		283,
		-71,
		-42,
		-13,
		28	],
	"TxRefAmp": 256.72,
	"PhaseResolution": 1,
	"ReceiveCoilName": "HeadNeck_64",
	"ReceiveCoilActiveElements": "HC1-7",
	"PulseSequenceDetails": "%CustomerSeq%\\cmrr_mbep2d_bold",
	"WipMemBlock": "e6ba27e2-c564-48fd-9ca6-8832a06c22ce||Sequence: vd13d/master r/f9db0a8; Dec 14 2015 17:01:19 by eja",
	"CoilCombinationMethod": "Sum of Squares",
	"ConsistencyInfo": "N4_VD13D_LATEST_20130810",
	"MatrixCoilMode": "SENSE",
	"MultibandAccelerationFactor": 8,
	"PercentPhaseFOV": 100,
	"PercentSampling": 100,
	"EchoTrainLength": 91,
	"PhaseEncodingSteps": 91,
	"AcquisitionMatrixPE": 104,
	"ReconMatrixPE": 104,
	"BandwidthPerPixelPhaseEncode": 16.578,
	"EffectiveEchoSpacing": 0.000580009,
	"DerivedVendorReportedEchoSpacing": 0.000580009,
	"TotalReadoutTime": 0.0597409,
	"PixelBandwidth": 2290,
	"DwellTime": 2.1e-06,
	"PhaseEncodingDirection": "j",
	"SliceTiming": [
		0,
		0.3875,
		0.0775,
		0.465,
		0.155,
		0.5425,
		0.2325,
		0.6225,
		0.31,
		0,
		0.3875,
		0.0775,
		0.465,
		0.155,
		0.5425,
		0.2325,
		0.6225,
		0.31,
		0,
		0.3875,
		0.0775,
		0.465,
		0.155,
		0.5425,
		0.2325,
		0.6225,
		0.31,
		0,
		0.3875,
		0.0775,
		0.465,
		0.155,
		0.5425,
		0.2325,
		0.6225,
		0.31,
		0,
		0.3875,
		0.0775,
		0.465,
		0.155,
		0.5425,
		0.2325,
		0.6225,
		0.31,
		0,
		0.3875,
		0.0775,
		0.465,
		0.155,
		0.5425,
		0.2325,
		0.6225,
		0.31,
		0,
		0.3875,
		0.0775,
		0.465,
		0.155,
		0.5425,
		0.2325,
		0.6225,
		0.31,
		0,
		0.3875,
		0.0775,
		0.465,
		0.155,
		0.5425,
		0.2325,
		0.6225,
		0.31	],
	"ImageOrientationPatientDICOM": [
		1,
		0,
		0,
		0,
		0.953191,
		-0.30237	],
	"ImageOrientationText": "Tra>Cor(-17.6)",
	"InPlanePhaseEncodingDirectionDICOM": "COL",
	"ConversionSoftware": "dcm2niix",
	"ConversionSoftwareVersion": "v1.0.20211006"
}
